GEM
  remote: http://rubygems.org/
  specs:
    builder (3.2.4)
    childprocess (3.0.0)
    cucumber (7.0.0)
      builder (~> 3.2, >= 3.2.4)
      cucumber-core (~> 10.0, >= 10.0.1)
      cucumber-create-meta (~> 6.0, >= 6.0.1)
      cucumber-cucumber-expressions (~> 12.1, >= 12.1.1)
      cucumber-gherkin (~> 20.0, >= 20.0.1)
      cucumber-html-formatter (~> 16.0, >= 16.0.1)
      cucumber-messages (~> 17.0, >= 17.0.1)
      cucumber-wire (~> 6.0, >= 6.0.1)
      diff-lcs (~> 1.4, >= 1.4.4)
      mime-types (~> 3.3, >= 3.3.1)
      multi_test (~> 0.1, >= 0.1.2)
      sys-uname (~> 1.2, >= 1.2.2)
    cucumber-core (10.0.1)
      cucumber-gherkin (~> 20.0, >= 20.0.1)
      cucumber-messages (~> 17.0, >= 17.0.1)
      cucumber-tag-expressions (~> 3.0, >= 3.0.1)
    cucumber-create-meta (6.0.1)
      cucumber-messages (~> 17.0, >= 17.0.1)
      sys-uname (~> 1.2, >= 1.2.2)
    cucumber-cucumber-expressions (12.1.1)
    cucumber-gherkin (20.0.1)
      cucumber-messages (~> 17.0, >= 17.0.1)
    cucumber-html-formatter (16.0.1)
      cucumber-messages (~> 17.0, >= 17.0.1)
    cucumber-messages (17.0.1)
    cucumber-tag-expressions (3.0.1)
    cucumber-wire (6.1.0)
      cucumber-core (~> 10.0, >= 10.0.1)
      cucumber-cucumber-expressions (~> 12.1, >= 12.1.1)
      cucumber-messages (~> 17.0, >= 17.0.1)
    deep_merge (1.2.1)
    diff-lcs (1.4.4)
    facets (3.1.0)
    faraday (0.17.4)
      multipart-post (>= 1.2, < 3)
    faraday_json (0.1.4)
      faraday (~> 0.10)
    faraday_middleware (0.14.0)
      faraday (>= 0.7.4, < 1.0)
    ffi (1.15.3-x64-mingw32)
    lapis_lazuli (3.0.2)
      cucumber (>= 4.0)
      deep_merge (>= 1.2)
      facets (>= 3.1)
      faraday_json (>= 0.1)
      faraday_middleware (>= 0.13)
      ffi (>= 1.11)
      minitest (>= 5.11)
      multi_xml (>= 0.6)
      selenium-webdriver (>= 2.0)
      teelogger (>= 0.5)
      thor (>= 0.20)
      watir (>= 6)
    mime-types (3.3.1)
      mime-types-data (~> 3.2015)
    mime-types-data (3.2021.0704)
    minitest (5.14.4)
    multi_test (0.1.2)
    multi_xml (0.6.0)
    multipart-post (2.1.1)
    regexp_parser (2.1.1)
    require_all (1.5.0)
    rubyzip (2.3.2)
    selenium-webdriver (3.142.7)
      childprocess (>= 0.5, < 4.0)
      rubyzip (>= 1.2.2)
    sys-uname (1.2.2)
      ffi (~> 1.1)
    tai64 (0.0.5)
    teelogger (0.5.1)
      require_all (~> 1.3)
      tai64 (~> 0.0)
    thor (1.1.0)
    watir (6.19.1)
      regexp_parser (>= 1.2, < 3)
      selenium-webdriver (>= 3.142.7)

PLATFORMS
  x64-mingw32

DEPENDENCIES
  lapis_lazuli (= 3.0.2)

BUNDLED WITH
   2.2.25
